NUGET
  remote: https://www.nuget.org/api/v2
    FAKE (4.7.3)
    FSharp.Core (4.0.0.1)
    FSharp.Data (2.2.3)
      Zlib.Portable (>= 1.10) - framework: portable-net40+sl50+wp80+win80
    FsPickler (1.2.21)
    Microsoft.Azure.KeyVault.Core (1.0) - framework: >= net40, wpv8.0
    Microsoft.Azure.WebJobs (1.1.2)
      Microsoft.Azure.WebJobs.Core (1.1.2)
      Newtonsoft.Json (>= 6.0.8)
      WindowsAzure.Storage (>= 4.3)
    Microsoft.Azure.WebJobs.Core (1.1.2)
    Microsoft.Data.Edm (5.6.4) - framework: >= net40, winv4.5, wpv8.0, wpav8.1
    Microsoft.Data.OData (5.6.4) - framework: >= net40, winv4.5, wpv8.0, wpav8.1
      Microsoft.Data.Edm (5.6.4)
      System.Spatial (5.6.4)
    Microsoft.Data.Services.Client (5.6.4) - framework: >= net40
      Microsoft.Data.OData (5.6.4)
    Newtonsoft.Json (7.0.1)
    Suave (0.30)
      FSharp.Core (>= 3.1.2.1)
      FsPickler (>= 1.2.5)
    System.Spatial (5.6.4) - framework: >= net40, winv4.5, wpv8.0, wpav8.1
    WindowsAzure.Storage (6.0)
      Microsoft.Azure.KeyVault.Core (>= 1.0) - framework: >= net40, wpv8.0
      Microsoft.Data.OData (>= 5.6.4) - framework: >= net40, winv4.5, wpv8.0, wpav8.1
      Microsoft.Data.Services.Client (>= 5.6.4) - framework: >= net40
      Newtonsoft.Json (>= 6.0.8) - framework: >= net40, winv4.5, wpv8.0, wpav8.1
    Zlib.Portable (1.11) - framework: portable-net40+sl50+wp80+win80
