NUGET
  remote: https://nuget.org/api/v2
  specs:
    FSharp.Azure.Storage (2.1.0)
      FSPowerPack.Linq.Community (>= 3.0.0.0)
      WindowsAzure.Storage (>= 3.1.0.1)
    FSharp.Compiler.Tools (4.0.0.1)
    FSharp.Core (4.0.0.1)
    FSharp.Data (2.2.3)
      Zlib.Portable (>= 1.10.0)
    FsPickler (1.2.21)
    FSPowerPack.Core.Community (3.0.0)
    FSPowerPack.Linq.Community (3.0.0)
      FSPowerPack.Core.Community
    Microsoft.Azure.KeyVault.Core (1.0.0) - framework: wpv8.0, >= net40
    Microsoft.Data.Edm (5.6.4) - framework: winv4.5, wpv8.0, >= net40
    Microsoft.Data.OData (5.6.4) - framework: winv4.5, wpv8.0, >= net40
      Microsoft.Data.Edm (5.6.4)
      System.Spatial (5.6.4)
    Microsoft.Data.Services.Client (5.6.4) - framework: >= net40
      Microsoft.Data.OData (5.6.4)
    Newtonsoft.Json (7.0.1)
    Suave (0.30.0)
      FSharp.Core (>= 3.1.2.1)
      FsPickler (>= 1.2.5)
    System.Spatial (5.6.4) - framework: winv4.5, wpv8.0, >= net40
    WindowsAzure.Storage (6.0.0)
      Microsoft.Azure.KeyVault.Core (>= 1.0.0)
      Microsoft.Data.OData (>= 5.6.4)
      Microsoft.Data.Services.Client (>= 5.6.4)
      Newtonsoft.Json (>= 6.0.8)
    Zlib.Portable (1.11.0) - framework: portable-net40+sl50+wp80+win80
